PATH
  remote: .
  specs:
    easy_invoices (0.1.0)
      ru_propisju (~> 2.6, >= 2.6.0)
      wicked_pdf (~> 2.0.2)

GEM
  remote: https://rubygems.org/
  specs:
    activesupport (7.0.4.1)
      concurrent-ruby (~> 1.0, >= 1.0.2)
      i18n (>= 1.6, < 2)
      minitest (>= 5.1)
      tzinfo (~> 2.0)
    concurrent-ruby (1.1.10)
    diff-lcs (1.3)
    i18n (1.12.0)
      concurrent-ruby (~> 1.0)
    minitest (5.17.0)
    rake (13.0.1)
    rspec (3.9.0)
      rspec-core (~> 3.9.0)
      rspec-expectations (~> 3.9.0)
      rspec-mocks (~> 3.9.0)
    rspec-core (3.9.1)
      rspec-support (~> 3.9.1)
    rspec-expectations (3.9.0)
      diff-lcs (>= 1.2.0, < 2.0)
      rspec-support (~> 3.9.0)
    rspec-mocks (3.9.1)
      diff-lcs (>= 1.2.0, < 2.0)
      rspec-support (~> 3.9.0)
    rspec-support (3.9.2)
    ru_propisju (2.6.0)
    tzinfo (2.0.5)
      concurrent-ruby (~> 1.0)
    wicked_pdf (2.0.2)
      activesupport

PLATFORMS
  ruby

DEPENDENCIES
  bundler (~> 2.0)
  easy_invoices!
  rake (~> 13.0, >= 12.3.3)
  rspec (~> 3.2)

BUNDLED WITH
   2.0.2
